PATH
  remote: .
  specs:
    m2y_becker (0.0.1)
      httparty

GEM
  remote: https://rubygems.org/
  specs:
    coderay (1.1.3)
    httparty (0.20.0)
      mime-types (~> 3.0)
      multi_xml (>= 0.5.2)
    method_source (1.0.0)
    mime-types (3.3.1)
      mime-types-data (~> 3.2015)
    mime-types-data (3.2021.0901)
    multi_xml (0.6.0)
    pry (0.14.1)
      coderay (~> 1.1)
      method_source (~> 1.0)
    rake (10.5.0)

PLATFORMS
  ruby

DEPENDENCIES
  bundler (~> 1.16)
  m2y_becker!
  pry
  rake (~> 10.0)

BUNDLED WITH
   1.17.3
